GEM
  remote: http://rubygems.org/
  specs:
    json (1.7.3)
    rake (0.9.2.2)
    rdoc (3.12)
      json (~> 1.4)

PLATFORMS
  ruby

DEPENDENCIES
  rake
  rdoc
